GEM
  remote: http://rubygems.org/
  specs:
    backports (3.16.1)
    bunny (0.7.9)
    chef (0.10.10)
      bunny (>= 0.6.0)
      erubis
      highline (>= 1.6.9)
      json (>= 1.4.4, <= 1.6.1)
      mixlib-authentication (>= 1.1.0)
      mixlib-cli (>= 1.1.0)
      mixlib-config (>= 1.1.2)
      mixlib-log (>= 1.3.0)
      mixlib-shellout (~> 1.0.0.rc)
      moneta
      net-ssh (~> 2.2.2)
      net-ssh-multi (~> 1.1.0)
      ohai (>= 0.6.0)
      rest-client (>= 1.0.4, < 1.7.0)
      treetop (~> 1.4.9)
      uuidtools
      yajl-ruby (>= 1.1.0)
    cucumber-core (3.2.1)
      backports (>= 3.8.0)
      cucumber-tag_expressions (~> 1.1.0)
      gherkin (~> 5.0)
    cucumber-tag_expressions (1.1.1)
    erubis (2.7.0)
    ffi-yajl (2.3.3)
      libyajl2 (~> 1.2)
    foodcritic (16.2.0)
      cucumber-core (>= 1.3, < 4.0)
      erubis
      ffi-yajl (~> 2.0)
      nokogiri (>= 1.5, < 2.0)
      rake
      rufus-lru (~> 1.0)
      treetop (~> 1.4)
    gherkin (5.1.0)
    highline (1.6.12)
    ipaddress (0.8.0)
    json (1.6.1)
    libyajl2 (1.2.0)
    mime-types (1.18)
    mini_portile2 (2.4.0)
    mixlib-authentication (1.1.4)
      mixlib-log
    mixlib-cli (1.2.2)
    mixlib-config (1.1.2)
    mixlib-log (1.3.0)
    mixlib-shellout (1.0.0)
    moneta (0.6.0)
    net-ssh (2.2.2)
    net-ssh-gateway (1.1.0)
      net-ssh (>= 1.99.1)
    net-ssh-multi (1.1)
      net-ssh (>= 2.1.4)
      net-ssh-gateway (>= 0.99.0)
    nokogiri (1.10.8)
      mini_portile2 (~> 2.4.0)
    ohai (0.6.12)
      ipaddress
      mixlib-cli
      mixlib-config
      mixlib-log
      systemu
      yajl-ruby
    polyglot (0.3.5)
    rake (0.9.2.2)
    rest-client (1.6.7)
      mime-types (>= 1.16)
    rufus-lru (1.1.0)
    systemu (2.5.0)
    treetop (1.4.15)
      polyglot
      polyglot (>= 0.3.1)
    uuidtools (2.1.2)
    yajl-ruby (1.4.1)

PLATFORMS
  ruby

DEPENDENCIES
  chef (~> 0.10.10)
  foodcritic (>= 4.0.0)
  rake

BUNDLED WITH
   1.17.3
